GEM
  remote: https://rubygems.org/
  specs:
    coderay (1.1.3)
    json (2.5.1)
    lolize (0.0.3)
      paint (~> 0.8.3)
    method_source (1.0.0)
    paint (0.8.7)
    pastel (0.8.0)
      tty-color (~> 0.5)
    pry (0.13.1)
      coderay (~> 1.1)
      method_source (~> 1.0)
    tty-color (0.6.0)
    tty-cursor (0.7.1)
    tty-prompt (0.23.0)
      pastel (~> 0.8)
      tty-reader (~> 0.8)
    tty-reader (0.9.0)
      tty-cursor (~> 0.7)
      tty-screen (~> 0.8)
      wisper (~> 2.0)
    tty-screen (0.8.1)
    wisper (2.0.1)

PLATFORMS
  x86_64-linux

DEPENDENCIES
  bundler (~> 2.2, >= 2.2.4)
  json (~> 2.5, >= 2.5.1)
  lolize (~> 0.0.3)
  pry (~> 0.13.1)
  tty-prompt (~> 0.23.0)

BUNDLED WITH
   2.2.4
