GEM
  remote: https://rubygems.org/
  specs:
    coderay (1.1.3)
    json (2.5.1)
    lolize (0.0.3)
      paint (~> 0.8.3)
    method_source (1.0.0)
    paint (0.8.7)
    pry (0.13.1)
      coderay (~> 1.1)
      method_source (~> 1.0)

PLATFORMS
  x86_64-linux

DEPENDENCIES
  bundler (~> 2.2, >= 2.2.4)
  json (~> 2.5, >= 2.5.1)
  lolize (~> 0.0.3)
  pry (~> 0.13.1)

BUNDLED WITH
   2.2.4
